{
  "PowerLineFrequency": 50,
  "SoftwareFilters": {
    "FilterDescription": {
      "Description": "n/a"
    }
  },
  "Manufacturer": "g.tec",
  "EEGPlacementScheme": "10-20",
  "EEGGround": "n/a",
  "EEGReference": "AFz",
  "CapManufacturersModelName": "64 channels",
  "CapManufacturer": "g.tec",
  "TaskName": "task",
  "EEGChannelCount": 63,
  "RecordingType": "epoched",
  "EpochLength": 3,
  "RecordingDuration": 3,
  "SamplingFrequency": 128,
  "EOGChannelCount": 0,
  "ECGChannelCount": 0,
  "EMGChannelCount": 0
}